PATH
  remote: .
  specs:
    alexa-smapi (0.1.0)
      oauth2 (~> 1.4.1)

GEM
  remote: https://rubygems.org/
  specs:
    addressable (2.6.0)
      public_suffix (>= 2.0.2, < 4.0)
    crack (0.4.3)
      safe_yaml (~> 1.0.0)
    docile (1.3.1)
    faraday (0.15.3)
      multipart-post (>= 1.2, < 3)
    hashdiff (0.3.8)
    json (2.2.0)
    jwt (2.1.0)
    metaclass (0.0.4)
    minitest (5.11.3)
    minitest-ci (3.4.0)
      minitest (>= 5.0.6)
    mocha (1.8.0)
      metaclass (~> 0.0.1)
    multi_json (1.13.1)
    multi_xml (0.6.0)
    multipart-post (2.0.0)
    oauth2 (1.4.1)
      faraday (>= 0.8, < 0.16.0)
      jwt (>= 1.0, < 3.0)
      multi_json (~> 1.3)
      multi_xml (~> 0.5)
      rack (>= 1.2, < 3)
    public_suffix (3.0.3)
    rack (2.2.3)
    rake (10.5.0)
    safe_yaml (1.0.5)
    simplecov (0.16.1)
      docile (~> 1.1)
      json (>= 1.8, < 3)
      simplecov-html (~> 0.10.0)
    simplecov-html (0.10.2)
    vcr (4.0.0)
    webmock (3.5.1)
      addressable (>= 2.3.6)
      crack (>= 0.3.2)
      hashdiff

PLATFORMS
  ruby

DEPENDENCIES
  alexa-smapi!
  bundler (~> 1.17)
  minitest (~> 5.0)
  minitest-ci (~> 3.4.0)
  mocha (~> 1.8.0)
  rake (~> 10.0)
  simplecov (~> 0.16.1)
  vcr (~> 4.0.0)
  webmock (~> 3.5.1)

BUNDLED WITH
   1.17.1
